GEM
  remote: https://rubygems.org/
  specs:
    actionmailer (3.2.19)
      actionpack (= 3.2.19)
      mail (~> 2.5.4)
    actionpack (3.2.19)
      activemodel (= 3.2.19)
      activesupport (= 3.2.19)
      builder (~> 3.0.0)
      erubis (~> 2.7.0)
      journey (~> 1.0.4)
      rack (~> 1.4.5)
      rack-cache (~> 1.2)
      rack-test (~> 0.6.1)
      sprockets (~> 2.2.1)
    activeadmin (0.5.0)
      arbre (>= 1.0.1)
      bourbon (>= 1.0.0)
      devise (>= 1.1.2)
      fastercsv
      formtastic (>= 2.0.0)
      inherited_resources (>= 1.3.1)
      jquery-rails (>= 1.0.0)
      kaminari (>= 0.13.0)
      meta_search (>= 0.9.2)
      rails (>= 3.0.0)
      sass (>= 3.1.0)
    activemodel (3.2.19)
      activesupport (= 3.2.19)
      builder (~> 3.0.0)
    activerecord (3.2.19)
      activemodel (= 3.2.19)
      activesupport (= 3.2.19)
      arel (~> 3.0.2)
      tzinfo (~> 0.3.29)
    activeresource (3.2.19)
      activemodel (= 3.2.19)
      activesupport (= 3.2.19)
    activesupport (3.2.19)
      i18n (~> 0.6, >= 0.6.4)
      multi_json (~> 1.0)
    ansi (1.4.3)
    arbre (1.0.2)
      activesupport (>= 3.0.0)
    arel (3.0.3)
    bcrypt (3.1.7)
    better_errors (1.1.0)
      coderay (>= 1.0.0)
      erubis (>= 2.6.6)
    binding_of_caller (0.7.2)
      debug_inspector (>= 0.0.1)
    bourbon (4.0.2)
      sass (~> 3.3)
      thor
    builder (3.0.4)
    chunky_png (1.3.1)
    climate_control (0.0.3)
      activesupport (>= 3.0)
    cocaine (0.5.4)
      climate_control (>= 0.0.3, < 1.0)
    coderay (1.1.0)
    coffee-rails (3.2.2)
      coffee-script (>= 2.2.0)
      railties (~> 3.2.0)
    coffee-script (2.3.0)
      coffee-script-source
      execjs
    coffee-script-source (1.7.1)
    compass (1.0.1)
      chunky_png (~> 1.2)
      compass-core (~> 1.0.1)
      compass-import-once (~> 1.0.5)
      rb-fsevent (>= 0.9.3)
      rb-inotify (>= 0.9)
      sass (>= 3.3.13, < 3.5)
    compass-core (1.0.1)
      multi_json (~> 1.0)
      sass (>= 3.3.0, < 3.5)
    compass-import-once (1.0.5)
      sass (>= 3.2, < 3.5)
    compass-rails (2.0.0)
      compass (>= 0.12.2)
    debug_inspector (0.0.2)
    devise (3.3.0)
      bcrypt (~> 3.0)
      orm_adapter (~> 0.1)
      railties (>= 3.2.6, < 5)
      thread_safe (~> 0.1)
      warden (~> 1.2.3)
    diff-lcs (1.2.5)
    elasticsearch (1.0.4)
      elasticsearch-api (= 1.0.4)
      elasticsearch-transport (= 1.0.4)
    elasticsearch-api (1.0.4)
      multi_json
    elasticsearch-extensions (0.0.15)
      ansi
      ruby-prof
    elasticsearch-model (0.1.4)
      activesupport (> 3)
      elasticsearch (> 0.4)
      hashie
    elasticsearch-rails (0.1.4)
    elasticsearch-transport (1.0.4)
      faraday
      multi_json
    erubis (2.7.0)
    execjs (2.2.1)
    factory_girl (4.4.0)
      activesupport (>= 3.0.0)
    factory_girl_rails (4.4.1)
      factory_girl (~> 4.4.0)
      railties (>= 3.0.0)
    faker (1.3.0)
      i18n (~> 0.5)
    faraday (0.9.0)
      multipart-post (>= 1.2, < 3)
    fastercsv (1.5.5)
    ffi (1.9.3)
    formtastic (2.3.0)
      actionpack (>= 3.0)
    haml (4.0.5)
      tilt
    has_scope (0.6.0.rc)
      actionpack (>= 3.2, < 5)
      activesupport (>= 3.2, < 5)
    hashie (3.2.0)
    hike (1.2.3)
    i18n (0.6.11)
    inherited_resources (1.4.1)
      has_scope (~> 0.6.0.rc)
      responders (~> 1.0.0.rc)
    journey (1.0.4)
    jquery-rails (3.1.1)
      railties (>= 3.0, < 5.0)
      thor (>= 0.14, < 2.0)
    jquery-ui-rails (5.0.0)
      railties (>= 3.2.16)
    json (1.8.1)
    kaminari (0.16.1)
      actionpack (>= 3.0.0)
      activesupport (>= 3.0.0)
    mail (2.5.4)
      mime-types (~> 1.16)
      treetop (~> 1.4.8)
    meta_search (1.1.3)
      actionpack (~> 3.1)
      activerecord (~> 3.1)
      activesupport (~> 3.1)
      polyamorous (~> 0.5.0)
    method_source (0.8.2)
    mime-types (1.25.1)
    multi_json (1.10.1)
    multipart-post (2.0.0)
    orm_adapter (0.5.0)
    paperclip (4.2.0)
      activemodel (>= 3.0.0)
      activesupport (>= 3.0.0)
      cocaine (~> 0.5.3)
      mime-types
    parallel (1.2.4)
    parallel_tests (1.0.6)
      parallel
    pg (0.17.1)
    polyamorous (0.5.0)
      activerecord (~> 3.0)
    polyglot (0.3.5)
    pry (0.10.0)
      coderay (~> 1.1.0)
      method_source (~> 0.8.1)
      slop (~> 3.4)
    rack (1.4.5)
    rack-cache (1.2)
      rack (>= 0.4)
    rack-mini-profiler (0.9.1)
      rack (>= 1.1.3)
    rack-ssl (1.3.4)
      rack
    rack-test (0.6.2)
      rack (>= 1.0)
    railroady (1.1.1)
    rails (3.2.19)
      actionmailer (= 3.2.19)
      actionpack (= 3.2.19)
      activerecord (= 3.2.19)
      activeresource (= 3.2.19)
      activesupport (= 3.2.19)
      bundler (~> 1.0)
      railties (= 3.2.19)
    railties (3.2.19)
      actionpack (= 3.2.19)
      activesupport (= 3.2.19)
      rack-ssl (~> 1.3.2)
      rake (>= 0.8.7)
      rdoc (~> 3.4)
      thor (>= 0.14.6, < 2.0)
    rake (10.3.2)
    rb-fsevent (0.9.4)
    rb-inotify (0.9.5)
      ffi (>= 0.5.0)
    rdoc (3.12.2)
      json (~> 1.4)
    redcarpet (3.1.2)
    responders (1.0.0)
      railties (>= 3.2, < 5)
    rmagick (2.13.2)
    rspec-core (3.0.4)
      rspec-support (~> 3.0.0)
    rspec-expectations (3.0.4)
      diff-lcs (>= 1.2.0, < 2.0)
      rspec-support (~> 3.0.0)
    rspec-mocks (3.0.4)
      rspec-support (~> 3.0.0)
    rspec-rails (3.0.2)
      actionpack (>= 3.0)
      activesupport (>= 3.0)
      railties (>= 3.0)
      rspec-core (~> 3.0.0)
      rspec-expectations (~> 3.0.0)
      rspec-mocks (~> 3.0.0)
      rspec-support (~> 3.0.0)
    rspec-support (3.0.4)
    ruby-prof (0.15.1)
    sass (3.4.1)
    sass-rails (3.2.6)
      railties (~> 3.2.0)
      sass (>= 3.1.10)
      tilt (~> 1.3)
    simple_form (2.1.1)
      actionpack (~> 3.0)
      activemodel (~> 3.0)
    slop (3.5.0)
    spring (1.1.3)
    spring-commands-rspec (1.0.2)
      spring (>= 0.9.1)
    sprockets (2.2.2)
      hike (~> 1.2)
      multi_json (~> 1.0)
      rack (~> 1.0)
      tilt (~> 1.1, != 1.3.0)
    thor (0.19.1)
    thread_safe (0.3.4)
    tilt (1.4.1)
    treetop (1.4.15)
      polyglot
      polyglot (>= 0.3.1)
    tzinfo (0.3.41)
    uglifier (2.5.3)
      execjs (>= 0.3.0)
      json (>= 1.8.0)
    warden (1.2.3)
      rack (>= 1.0)
    zeus (0.13.3)
      method_source (>= 0.6.7)
    zeus-parallel_tests (0.2.4)
      parallel_tests (>= 0.11.3)
      zeus (~> 0.13.3)
    zurb-foundation (4.0.9)
      sass (>= 3.2.0)

PLATFORMS
  ruby

DEPENDENCIES
  activeadmin
  better_errors
  binding_of_caller
  coffee-rails (~> 3.2.1)
  compass-rails
  elasticsearch-extensions
  elasticsearch-model
  elasticsearch-rails
  factory_girl_rails
  faker
  haml
  jquery-rails
  jquery-ui-rails
  paperclip
  pg
  pry
  rack-mini-profiler
  railroady
  rails (= 3.2.19)
  redcarpet
  rmagick (= 2.13.2)
  rspec-rails
  sass-rails (~> 3.2.3)
  simple_form
  spring
  spring-commands-rspec
  uglifier (>= 1.0.3)
  zeus-parallel_tests
  zurb-foundation (~> 4.0.0)
